PATH
  remote: .
  specs:
    adiwg-mdjson_schemas (2.11.0)

GEM
  remote: https://rubygems.org/
  specs:
    addressable (2.8.6)
      public_suffix (>= 2.0.2, < 6.0)
    adiwg-mdcodes (2.10.1)
      json (~> 2.0)
    json (2.9.1)
    json-schema (2.8.1)
      addressable (>= 2.4)
    minitest (5.22.2)
    public_suffix (5.0.4)
    rake (13.1.0)

PLATFORMS
  arm64-darwin-22

DEPENDENCIES
  adiwg-mdcodes (= 2.10.1)
  adiwg-mdjson_schemas!
  bundler (~> 2)
  json-schema (~> 2.8.1)
  minitest (~> 5)
  rake

BUNDLED WITH
   2.4.21
